GEM
  remote: https://rubygems.org/
  specs:
    RedCloth (4.2.9)
    addressable (2.4.0)
    blankslate (2.1.2.4)
    chunky_png (1.3.8)
    classifier-reborn (2.1.0)
      fast-stemmer (~> 1.0)
    coderay (1.1.2)
    coffee-script (2.4.1)
      coffee-script-source
      execjs
    coffee-script-source (1.11.1)
    colorator (0.1)
    compass (1.0.3)
      chunky_png (~> 1.2)
      compass-core (~> 1.0.2)
      compass-import-once (~> 1.0.5)
      rb-fsevent (>= 0.9.3)
      rb-inotify (>= 0.9)
      sass (>= 3.3.13, < 3.5)
    compass-core (1.0.3)
      multi_json (~> 1.0)
      sass (>= 3.3.0, < 3.5)
    compass-import-once (1.0.5)
      sass (>= 3.2, < 3.5)
    em-websocket (0.5.1)
      eventmachine (>= 0.12.9)
      http_parser.rb (~> 0.6.0)
    eventmachine (1.2.5)
    execjs (2.7.0)
    faraday (0.13.1)
      multipart-post (>= 1.2, < 3)
    fast-stemmer (1.0.2)
    ffi (1.9.18)
    formatador (0.2.5)
    guard (2.14.1)
      formatador (>= 0.2.4)
      listen (>= 2.7, < 4.0)
      lumberjack (~> 1.0)
      nenv (~> 0.1)
      notiffany (~> 0.0)
      pry (>= 0.9.12)
      shellany (~> 0.0)
      thor (>= 0.18.1)
    guard-compat (1.2.1)
    guard-livereload (2.5.2)
      em-websocket (~> 0.5)
      guard (~> 2.8)
      guard-compat (~> 1.0)
      multi_json (~> 1.8)
    haml (4.0.7)
      tilt
    http_parser.rb (0.6.0)
    jekyll (2.4.0)
      classifier-reborn (~> 2.0)
      colorator (~> 0.1)
      jekyll-coffeescript (~> 1.0)
      jekyll-gist (~> 1.0)
      jekyll-paginate (~> 1.0)
      jekyll-sass-converter (~> 1.0)
      jekyll-watch (~> 1.1)
      kramdown (~> 1.3)
      liquid (~> 2.6.1)
      mercenary (~> 0.3.3)
      pygments.rb (~> 0.6.0)
      redcarpet (~> 3.1)
      safe_yaml (~> 1.0)
      toml (~> 0.1.0)
    jekyll-coffeescript (1.0.2)
      coffee-script (~> 2.2)
      coffee-script-source (~> 1.11.1)
    jekyll-gist (1.4.1)
      octokit (~> 4.2)
    jekyll-last-modified-at (0.3.4)
      jekyll
    jekyll-paginate (1.1.0)
    jekyll-sass-converter (1.5.0)
      sass (~> 3.4)
    jekyll-sitemap (0.11.0)
      addressable (~> 2.4.0)
    jekyll-watch (1.5.0)
      listen (~> 3.0, < 3.1)
    kramdown (1.15.0)
    liquid (2.6.3)
    listen (3.0.8)
      rb-fsevent (~> 0.9, >= 0.9.4)
      rb-inotify (~> 0.9, >= 0.9.7)
    lumberjack (1.0.12)
    mercenary (0.3.6)
    method_source (0.8.2)
    mini_portile2 (2.3.0)
    multi_json (1.12.2)
    multipart-post (2.0.0)
    nenv (0.3.0)
    nokogiri (1.8.1)
      mini_portile2 (~> 2.3.0)
    notiffany (0.1.1)
      nenv (~> 0.1)
      shellany (~> 0.0)
    octokit (4.7.0)
      sawyer (~> 0.8.0, >= 0.5.3)
    octopress-date-format (2.0.2)
      jekyll (~> 2.0)
      octopress-hooks (~> 2.0)
    octopress-hooks (2.6.2)
      jekyll (>= 2.0)
    parslet (1.5.0)
      blankslate (~> 2.0)
    posix-spawn (0.3.13)
    pry (0.11.0)
      coderay (~> 1.1.0)
      method_source (~> 0.8.1)
    pygments.rb (0.6.3)
      posix-spawn (~> 0.3.6)
      yajl-ruby (~> 1.2.0)
    rack (1.6.8)
    rack-protection (1.5.3)
      rack
    rake (10.5.0)
    rb-fsevent (0.10.2)
    rb-inotify (0.9.10)
      ffi (>= 0.5.0, < 2)
    rdiscount (2.2.0.1)
    redcarpet (3.4.0)
    safe_yaml (1.0.4)
    sass (3.4.25)
    sass-globbing (1.0.0)
      sass (>= 3.1)
    sawyer (0.8.1)
      addressable (>= 2.3.5, < 2.6)
      faraday (~> 0.8, < 1.0)
    shellany (0.0.1)
    sinatra (1.4.8)
      rack (~> 1.5)
      rack-protection (~> 1.4)
      tilt (>= 1.3, < 3)
    stringex (1.4.0)
    thor (0.20.0)
    tilt (2.0.8)
    toml (0.1.2)
      parslet (~> 1.5.0)
    yajl-ruby (1.2.2)

PLATFORMS
  ruby

DEPENDENCIES
  RedCloth (~> 4.2.9)
  compass (~> 1.0.1)
  guard
  guard-livereload
  haml (~> 4.0)
  jekyll
  jekyll-gist
  jekyll-last-modified-at
  jekyll-sitemap
  nokogiri
  octopress-date-format (~> 2.0)
  octopress-hooks (~> 2.2)
  pry
  rake (~> 10.0)
  rb-fsevent (~> 0.9)
  rdiscount (~> 2.0)
  sass-globbing (~> 1.0.0)
  sinatra (~> 1.4.2)
  stringex (~> 1.4.0)

BUNDLED WITH
   1.16.3
